GEM
  remote: https://rubygems.org/
  specs:
    rake (13.2.1)

PLATFORMS
  x86_64-darwin-23

DEPENDENCIES
  rake

BUNDLED WITH
   2.4.12
